GEM
  remote: https://rubygems.org/
  specs:
    concurrent-ruby (1.1.5)
    faker (2.4.0)
      i18n (~> 1.6.0)
    ffi (1.11.1)
    foreman (0.85.0)
      thor (~> 0.19.1)
    i18n (1.6.0)
      concurrent-ruby (~> 1.0)
    listen (3.1.5)
      rb-fsevent (~> 0.9, >= 0.9.4)
      rb-inotify (~> 0.9, >= 0.9.7)
      ruby_dep (~> 1.2)
    mustermann (1.0.3)
    rack (2.2.3)
    rack-delay (0.2.0)
      rack
    rack-protection (2.0.7)
      rack
    rb-fsevent (0.10.3)
    rb-inotify (0.10.0)
      ffi (~> 1.0)
    rerun (0.13.0)
      listen (~> 3.0)
    ruby_dep (1.5.0)
    sinatra (2.0.7)
      mustermann (~> 1.0)
      rack (~> 2.0)
      rack-protection (= 2.0.7)
      tilt (~> 2.0)
    sqlite3 (1.4.1)
    thor (0.19.4)
    tilt (2.0.9)

PLATFORMS
  ruby

DEPENDENCIES
  faker
  foreman
  rack-delay
  rerun
  sinatra
  sqlite3

BUNDLED WITH
   2.0.1
